GEM
  remote: http://rubygems.org/
  specs:
    activemodel (3.0.20)
      activesupport (= 3.0.20)
      builder (~> 2.1.2)
      i18n (~> 0.5.0)
    activerecord (3.0.20)
      activemodel (= 3.0.20)
      activesupport (= 3.0.20)
      arel (~> 2.0.10)
      tzinfo (~> 0.3.23)
    activesupport (3.0.20)
    arel (2.0.10)
    better_errors (1.1.0)
      coderay (>= 1.0.0)
      erubis (>= 2.6.6)
    binding_of_caller (0.7.2)
      debug_inspector (>= 0.0.1)
    builder (2.1.2)
    byebug (3.1.2)
      columnize (~> 0.8)
      debugger-linecache (~> 1.2)
    camping (2.1.532)
      mab (>= 0.0.3)
      rack (>= 1.0)
    coderay (1.1.0)
    columnize (0.8.9)
    debug_inspector (0.0.2)
    debugger-linecache (1.2.0)
    erubis (2.7.0)
    i18n (0.5.3)
    mab (0.0.3)
    rack (1.5.2)
    rake (10.1.0)
    sqlite3 (1.3.8)
    tzinfo (0.3.39)

PLATFORMS
  ruby

DEPENDENCIES
  activerecord (~> 3.0.20)
  better_errors
  binding_of_caller
  byebug
  camping
  rack
  rake
  sqlite3
